GEM
  remote: https://rubygems.org/
  specs:
    addressable (2.5.0)
      public_suffix (~> 2.0, >= 2.0.2)
    anemone (0.7.2)
      nokogiri (>= 1.3.0)
      robotex (>= 1.0.0)
    domain_name (0.5.20161129)
      unf (>= 0.0.5, < 1.0.0)
    http (2.2.1)
      addressable (~> 2.3)
      http-cookie (~> 1.0)
      http-form_data (~> 1.0.1)
      http_parser.rb (~> 0.6.0)
    http-cookie (1.0.3)
      domain_name (~> 0.5)
    http-form_data (1.0.1)
    http_parser.rb (0.6.0)
    image_size (1.5.0)
    log4r (1.1.10)
    mini_portile2 (2.0.0)
    nokogiri (1.6.7)
      mini_portile2 (~> 2.0.0.rc2)
    parallel (1.10.0)
    public_suffix (2.0.5)
    rake (12.0.0)
    robotex (1.0.0)
    thor (0.19.4)
    unf (0.1.4)
      unf_ext
    unf_ext (0.0.7.2)
    wraith (4.0.1)
      anemone
      image_size
      log4r
      parallel
      rake
      robotex
      thor

PLATFORMS
  ruby

DEPENDENCIES
  http (~> 2.2)
  nokogiri (= 1.6.7)
  rake (~> 12.0)
  wraith (~> 4.0)

BUNDLED WITH
   1.11.2
